PATH
  remote: .
  specs:
    ruby-promobox (0.0.1)

GEM
  remote: http://rubygems.org/
  specs:
    minitest (2.5.1)
    rr (1.0.5)

PLATFORMS
  ruby

DEPENDENCIES
  minitest (>= 2.0)
  rr (>= 1.0.5)
  ruby-promobox!
